GEM
  remote: https://rubygems.org/
  specs:
    maruku (0.6.1)
      syntax (>= 1.0.0)
    rake (10.0.3)
    redcarpet (2.2.2)
    syntax (1.0.0)

PLATFORMS
  ruby

DEPENDENCIES
  maruku
  rake
  redcarpet
